PATH
  remote: ../rulers
  specs:
    rulers (0.0.2)
      haml
      multi_json
      rack

GEM
  remote: http://rubygems.org/
  specs:
    ffi (1.11.1)
    haml (5.1.1)
      temple (>= 0.8.0)
      tilt
    listen (3.1.5)
      rb-fsevent (~> 0.9, >= 0.9.4)
      rb-inotify (~> 0.9, >= 0.9.7)
      ruby_dep (~> 1.2)
    multi_json (1.13.1)
    rack (2.0.7)
    rb-fsevent (0.10.3)
    rb-inotify (0.10.0)
      ffi (~> 1.0)
    rerun (0.13.0)
      listen (~> 3.0)
    ruby_dep (1.5.0)
    temple (0.8.1)
    tilt (2.0.9)

PLATFORMS
  ruby

DEPENDENCIES
  listen
  rerun
  rulers!

BUNDLED WITH
   1.17.2
